GEM
  remote: https://rubygems.org/
  specs:
    concurrent-ruby (1.3.4)
    i18n (0.9.5)
      concurrent-ruby (~> 1.0)

PLATFORMS
  aarch64-linux-gnu
  aarch64-linux-musl
  arm-linux-gnu
  arm-linux-musl
  arm64-darwin
  ruby
  x86-linux-gnu
  x86-linux-musl
  x86_64-darwin
  x86_64-linux-gnu
  x86_64-linux-musl

DEPENDENCIES
  i18n (= 0.9.5)

BUNDLED WITH
   2.5.18
